GEM
  remote: https://rubygems.org/
  specs:
    macaddr (1.7.2)
      systemu (~> 2.6.5)
    rainbow (3.1.1)
    sequel (5.71.0)
    sqlite3 (1.6.3-x86_64-linux)
    systemu (2.6.5)
    uuid (2.3.9)
      macaddr (~> 1.0)

PLATFORMS
  x86_64-linux

DEPENDENCIES
  rainbow
  sequel (~> 5.70)
  sqlite3 (~> 1.6)
  uuid

BUNDLED WITH
   2.4.17
